GEM
  remote: https://rubygems.org/
  specs:
    ap (0.1.1)
      httparty (>= 0.7.7)
    erubis (2.7.0)
    ethon (0.7.1)
      ffi (>= 1.3.0)
    ffi (1.9.6)
    fileutils (0.7)
      rmagick (>= 2.13.1)
    httparty (0.13.2)
      json (~> 1.8)
      multi_xml (>= 0.5.2)
    json (1.8.1)
    multi_xml (0.5.5)
    pg (0.17.1)
    rack (1.5.2)
    rmagick (2.13.3)
    typhoeus (0.6.9)
      ethon (>= 0.7.1)

PLATFORMS
  ruby

DEPENDENCIES
  ap
  erubis
  fileutils
  json
  pg
  rack
  typhoeus
